PATH
  remote: .
  specs:
    jasmine-reporter (0.0.2)

GEM
  remote: https://rubygems.org/
  specs:
    rake (10.3.1)

PLATFORMS
  ruby

DEPENDENCIES
  bundler (~> 1.6)
  jasmine-reporter!
  rake (~> 10.0)
